GEM
  remote: https://rubygems.org/
  specs:
    coderay (1.1.2)
    method_source (0.9.0)
    pry (0.11.3)
      coderay (~> 1.1.0)
      method_source (~> 0.9.0)
    rack (2.0.4)

PLATFORMS
  ruby

DEPENDENCIES
  pry
  rack

RUBY VERSION
   ruby 2.4.2p198

BUNDLED WITH
   1.16.1
